GEM
  specs:

GEM
  remote: https://rubygems.org/
  specs:
    awesome_print (1.9.2)
    deep_merge (1.2.2)
    hieracles (0.4.2)
      awesome_print
      deep_merge
      httparty
    httparty (0.20.0)
      mime-types (~> 3.0)
      multi_xml (>= 0.5.2)
    mime-types (3.4.1)
      mime-types-data (~> 3.2015)
    mime-types-data (3.2022.0105)
    multi_xml (0.6.0)

PLATFORMS
  x86_64-linux

DEPENDENCIES
  hieracles!

BUNDLED WITH
   2.2.33
